GEM
  specs:

PLATFORMS
  ruby
  x86_64-linux

DEPENDENCIES

RUBY VERSION
   ruby 3.3.0p0

BUNDLED WITH
   2.6.3
